GEM
  remote: https://rubygems.org/
  specs:
    coderay (1.1.2)
    dotenv (2.7.5)
    emailhunter (0.8.0)
      faraday
      json
    faraday (0.17.0)
      multipart-post (>= 1.2, < 3)
    json (2.2.0)
    method_source (0.9.2)
    multipart-post (2.1.1)
    pry (0.12.2)
      coderay (~> 1.1.0)
      method_source (~> 0.9.0)

PLATFORMS
  ruby

DEPENDENCIES
  dotenv
  emailhunter
  pry

BUNDLED WITH
   2.0.2
